GIT
  remote: git@github.com:circleci/minitest-ci.git
  revision: 93cd2baa6b6a5d4befdbb5e558c6d8d8699bbc8a
  specs:
    minitest-ci (3.3.0)
      minitest (>= 5.0.6)

GEM
  remote: https://rubygems.org/
  specs:
    addressable (2.5.2)
      public_suffix (>= 2.0.2, < 4.0)
    ansi (1.5.0)
    awesome_print (1.8.0)
    builder (3.2.3)
    capybara (2.10.2)
      addressable
      mime-types (>= 1.16)
      nokogiri (>= 1.3.3)
      rack (>= 1.0.0)
      rack-test (>= 0.5.4)
      xpath (~> 2.0)
    capybara-page_mapper (0.1.2)
      capybara (~> 2.0)
    capybara-screenshot (1.0.18)
      capybara (>= 1.0, < 3)
      launchy
    cliver (0.3.2)
    coderay (1.1.2)
    launchy (2.4.3)
      addressable (~> 2.3)
    method_source (0.9.0)
    mime-types (3.1)
      mime-types-data (~> 3.2015)
    mime-types-data (3.2016.0521)
    mini_portile2 (2.3.0)
    minitest (5.10.3)
    minitest-reporters (1.1.18)
      ansi
      builder
      minitest (>= 5.0)
      ruby-progressbar
    nokogiri (1.8.1)
      mini_portile2 (~> 2.3.0)
    poltergeist (1.11.0)
      capybara (~> 2.1)
      cliver (~> 0.3.1)
      websocket-driver (>= 0.2.0)
    pry (0.11.3)
      coderay (~> 1.1.0)
      method_source (~> 0.9.0)
    public_suffix (3.0.1)
    rack (2.0.3)
    rack-test (0.8.2)
      rack (>= 1.0, < 3)
    rake (12.3.0)
    ruby-progressbar (1.9.0)
    websocket-driver (0.7.0)
      websocket-extensions (>= 0.1.0)
    websocket-extensions (0.1.3)
    xpath (2.1.0)
      nokogiri (~> 1.3)

PLATFORMS
  ruby

DEPENDENCIES
  awesome_print
  capybara (~> 2.10.1)
  capybara-page_mapper (~> 0.1.2)
  capybara-screenshot
  launchy (~> 2.4.3)
  minitest
  minitest-ci!
  minitest-reporters
  poltergeist (~> 1.11.0)
  pry
  rake

RUBY VERSION
   ruby 2.4.2p198

BUNDLED WITH
   1.15.4
